STORAGE: NONE
RESTRICTION: == netstandard2.0
NUGET
  remote: https://www.nuget.org/api/v2
    Fable.Core (3.0)
      FSharp.Core (>= 4.5.2)
    Fable.Elmish (4.0.0-alpha-1)
      Fable.Core (>= 3.0)
      FSharp.Core (>= 4.6.2)
    FSharp.Core (4.7) - content: none, redirects: force
    Thoth.Json (3.5)
      Fable.Core (>= 3.1.4)
      FSharp.Core (>= 4.7)
